GEM
  remote: http://rubygems.org/
  specs:
    algorithms (0.6.1)
    daemons (1.1.9)
    eventmachine (1.0.0)
    json (1.7.7)
    rack (1.5.2)
    rack-protection (1.3.2)
      rack
    rquad (0.2.0)
    sass (3.2.5)
    sinatra (1.3.4)
      rack (~> 1.4)
      rack-protection (~> 1.3)
      tilt (~> 1.3, >= 1.3.3)
    sinatra-content-for (0.1)
      sinatra
    thin (1.5.0)
      daemons (>= 1.0.9)
      eventmachine (>= 0.12.6)
      rack (>= 1.0.0)
    tilt (1.3.3)

PLATFORMS
  ruby

DEPENDENCIES
  algorithms
  json
  rquad
  sass
  sinatra
  sinatra-content-for
  thin
